PATH
  remote: ../../ruby/incrementalist
  specs:
    incrementalist (0.1.0)

GEM
  remote: https://rubygems.org/
  specs:
    bson (4.5.0)
    mongo (2.10.2)
      bson (>= 4.4.2, < 5.0.0)

PLATFORMS
  ruby

DEPENDENCIES
  incrementalist!
  mongo (~> 2.10)

BUNDLED WITH
   2.0.2
